GEM
  remote: https://rubygems.org/
  specs:
    smarter_csv (1.0.19)

PLATFORMS
  ruby

DEPENDENCIES
  smarter_csv
